PATH
  remote: ../smart_message
  specs:
    smart_message (0.0.13)
      activesupport
      async
      async-redis
      breaker_machines
      colorize
      concurrent-ruby
      hashie
      lumberjack
      redis
      zeitwerk

PATH
  remote: .
  specs:
    smart_message-transport-rabbitmq (0.0.1)
      bunny (~> 2.20)

GEM
  remote: https://rubygems.org/
  specs:
    activesupport (8.0.2.1)
      base64
      benchmark (>= 0.3)
      bigdecimal
      concurrent-ruby (~> 1.0, >= 1.3.1)
      connection_pool (>= 2.2.5)
      drb
      i18n (>= 1.6, < 2)
      logger (>= 1.4.2)
      minitest (>= 5.1)
      securerandom (>= 0.3)
      tzinfo (~> 2.0, >= 2.0.5)
      uri (>= 0.13.1)
    amq-protocol (2.3.4)
    ast (2.4.3)
    async (2.30.0)
      console (~> 1.29)
      fiber-annotation
      io-event (~> 1.11)
      metrics (~> 0.12)
      traces (~> 0.18)
    async-pool (0.11.0)
      async (>= 2.0)
    async-redis (0.12.0)
      async (~> 2.10)
      async-pool (~> 0.2)
      io-endpoint (~> 0.10)
      io-stream (~> 0.4)
      protocol-redis (~> 0.11)
    base64 (0.3.0)
    benchmark (0.4.1)
    bigdecimal (3.2.3)
    breaker_machines (0.4.0)
      activesupport (>= 7.2)
      concurrent-ruby (~> 1.3)
      state_machines (>= 0.50.0)
      zeitwerk (~> 2.7)
    bunny (2.24.0)
      amq-protocol (~> 2.3)
      sorted_set (~> 1, >= 1.0.2)
    colorize (1.1.0)
    concurrent-ruby (1.3.5)
    connection_pool (2.5.4)
    console (1.34.0)
      fiber-annotation
      fiber-local (~> 1.1)
      json
    date (3.4.1)
    debug_me (1.1.1)
    drb (2.2.3)
    erb (5.0.2)
    fiber-annotation (0.2.0)
    fiber-local (1.1.0)
      fiber-storage
    fiber-storage (1.0.1)
    hashie (5.0.0)
    i18n (1.14.7)
      concurrent-ruby (~> 1.0)
    io-console (0.8.1)
    io-endpoint (0.15.2)
    io-event (1.14.0)
    io-stream (0.10.0)
    irb (1.15.2)
      pp (>= 0.6.0)
      rdoc (>= 4.0.0)
      reline (>= 0.4.2)
    json (2.13.2)
    language_server-protocol (3.17.0.5)
    lint_roller (1.1.0)
    logger (1.7.0)
    lumberjack (1.4.1)
    metrics (0.14.0)
    minitest (5.25.5)
    parallel (1.27.0)
    parser (3.3.9.0)
      ast (~> 2.4.1)
      racc
    pp (0.6.2)
      prettyprint
    prettyprint (0.2.0)
    prism (1.4.0)
    protocol-redis (0.12.0)
    psych (5.2.6)
      date
      stringio
    racc (1.8.1)
    rainbow (3.1.1)
    rake (13.3.0)
    rbtree (0.4.6)
    rdoc (6.14.2)
      erb
      psych (>= 4.0.0)
    redis (5.4.1)
      redis-client (>= 0.22.0)
    redis-client (0.25.2)
      connection_pool
    regexp_parser (2.11.2)
    reline (0.6.2)
      io-console (~> 0.5)
    rubocop (1.80.2)
      json (~> 2.3)
      language_server-protocol (~> 3.17.0.2)
      lint_roller (~> 1.1.0)
      parallel (~> 1.10)
      parser (>= 3.3.0.2)
      rainbow (>= 2.2.2, < 4.0)
      regexp_parser (>= 2.9.3, < 3.0)
      rubocop-ast (>= 1.46.0, < 2.0)
      ruby-progressbar (~> 1.7)
      unicode-display_width (>= 2.4.0, < 4.0)
    rubocop-ast (1.46.0)
      parser (>= 3.3.7.2)
      prism (~> 1.4)
    ruby-progressbar (1.13.0)
    securerandom (0.4.1)
    set (1.1.2)
    sorted_set (1.0.3)
      rbtree
      set (~> 1.0)
    state_machines (0.100.1)
    stringio (3.1.7)
    traces (0.18.1)
    tzinfo (2.0.6)
      concurrent-ruby (~> 1.0)
    unicode-display_width (3.1.5)
      unicode-emoji (~> 4.0, >= 4.0.4)
    unicode-emoji (4.0.4)
    uri (1.0.3)
    zeitwerk (2.7.3)

PLATFORMS
  arm64-darwin-24
  ruby

DEPENDENCIES
  debug_me
  irb
  minitest (~> 5.16, >= 0)
  rake (~> 13.0)
  rubocop (~> 1.21, >= 0)
  smart_message!
  smart_message-transport-rabbitmq!

BUNDLED WITH
   2.7.1
